GEM
  remote: https://rubygems.org/
  specs:
    base64 (0.2.0)
    bigdecimal (3.1.8)
    csv (3.3.0)
    httparty (0.22.0)
      csv
      mini_mime (>= 1.0.0)
      multi_xml (>= 0.5.2)
    httpparty (0.2.0)
      httparty (> 0)
    logger (1.6.2)
    mini_mime (1.1.5)
    mini_portile2 (2.8.8)
    multi_xml (0.7.1)
      bigdecimal (~> 3.1)
    nkf (0.2.0)
    nokogiri (1.17.1)
      mini_portile2 (~> 2.8.2)
      racc (~> 1.4)
    nokogiri (1.17.1-x86_64-linux)
      racc (~> 1.4)
    racc (1.8.1)
    rexml (3.3.9)
    rubyzip (2.3.2)
    selenium-webdriver (4.27.0)
      base64 (~> 0.2)
      logger (~> 1.4)
      rexml (~> 3.2, >= 3.2.5)
      rubyzip (>= 1.2.2, < 3.0)
      websocket (~> 1.0)
    websocket (1.2.11)
    write_xlsx (1.12.1)
      nkf
      rubyzip (>= 1.0.0)

PLATFORMS
  ruby
  x86_64-linux

DEPENDENCIES
  httpparty (~> 0.2.0)
  nokogiri (~> 1.16, >= 1.16.7)
  selenium-webdriver (~> 4.27)
  write_xlsx (~> 1.12, >= 1.12.1)

BUNDLED WITH
   2.5.23
